GEM
  remote: http://rubygems.org/
  specs:
    ffi (0.6.3)
      rake (>= 0.8.7)
    mocha (0.9.8)
      rake
    polyglot (0.3.1)
    rake (0.8.7)
    rufus-lua (1.1.0)
      ffi
    shoulda (2.11.3)
    treetop (1.4.8)
      polyglot (>= 0.3.1)

PLATFORMS
  ruby

DEPENDENCIES
  ffi
  mocha
  rufus-lua
  shoulda
  treetop
