GEM
  remote: http://rubygems.org/
  specs:
    ffi (0.6.3)
      rake (>= 0.8.7)
    rake (0.8.7)
    rufus-lua (1.1.0)
      ffi

PLATFORMS
  ruby

DEPENDENCIES
  ffi
  rufus-lua
